GEM
  remote: http://rubygems.org/
  specs:
    POpen4 (0.1.4)
      Platform (>= 0.4.0)
      open4
    Platform (0.4.0)
    activemodel (3.2.8)
      activesupport (= 3.2.8)
      builder (~> 3.0.0)
    activesupport (3.2.8)
      i18n (~> 0.6)
      multi_json (~> 1.0)
    awesome_print (1.1.0)
    builder (3.0.4)
    closure-compiler (1.1.7)
    coderay (1.0.8)
    coffee-script (2.2.0)
      coffee-script-source
      execjs
    coffee-script-source (1.4.0)
    columnize (0.3.6)
    daemons (1.1.9)
    debugger (1.1.4)
      columnize (>= 0.3.1)
      debugger-linecache (~> 1.1.1)
      debugger-ruby_core_source (~> 1.1.3)
    debugger-linecache (1.1.2)
      debugger-ruby_core_source (>= 1.1.1)
    debugger-ruby_core_source (1.1.5)
    eventmachine (1.0.0)
    execjs (1.4.0)
      multi_json (~> 1.0)
    haml (3.1.7)
    hashie (1.2.0)
    hike (1.2.1)
    i18n (0.6.1)
    libv8 (3.3.10.4)
    method_source (0.8.1)
    mongoid (3.0.11)
      activemodel (~> 3.1)
      moped (~> 1.1)
      origin (~> 1.0)
      tzinfo (~> 0.3.22)
    moped (1.2.8)
    multi_json (1.3.7)
    open4 (1.3.0)
    origin (1.0.10)
    pry (0.9.10)
      coderay (~> 1.0.5)
      method_source (~> 0.8)
      slop (~> 3.3.1)
    pry-debugger (0.2.0)
      debugger (~> 1.1.3)
      pry (~> 0.9.9)
    pry-remote (0.1.6)
      pry (~> 0.9)
      slop (~> 3.0)
    rack (1.4.1)
    rack-protection (1.2.0)
      rack
    rake (0.9.2.2)
    sass (3.2.2)
    sinatra (1.3.3)
      rack (~> 1.3, >= 1.3.6)
      rack-protection (~> 1.2)
      tilt (~> 1.3, >= 1.3.3)
    sinatra-sprockets (0.0.2)
      closure-compiler
      execjs
      sprockets (~> 2.0.0)
      therubyracer
      uglifier
      yui-compressor
    slop (3.3.3)
    sprockets (2.0.4)
      hike (~> 1.2)
      rack (~> 1.0)
      tilt (~> 1.1, != 1.3.0)
    therubyracer (0.10.2)
      libv8 (~> 3.3.10)
    thin (1.5.0)
      daemons (>= 1.0.9)
      eventmachine (>= 0.12.6)
      rack (>= 1.0.0)
    tilt (1.3.3)
    tzinfo (0.3.35)
    uglifier (1.3.0)
      execjs (>= 0.3.0)
      multi_json (~> 1.0, >= 1.0.2)
    will_paginate (3.0.3)
    will_paginate_mongoid (1.1.0)
      mongoid (>= 2.4)
      will_paginate (~> 3.0)
    yui-compressor (0.9.6)
      POpen4 (>= 0.1.4)

PLATFORMS
  ruby

DEPENDENCIES
  activesupport
  awesome_print
  coffee-script
  haml
  hashie
  mongoid
  pry
  pry-debugger
  pry-remote
  rake
  sass
  sinatra
  sinatra-sprockets
  thin
  will_paginate_mongoid
